PATH
  remote: ../../../sdks/sentry-ruby/sentry-ruby
  specs:
    sentry-ruby (5.4.1)
      concurrent-ruby (~> 1.0, >= 1.0.2)

GEM
  remote: https://rubygems.org/
  specs:
    coderay (1.1.3)
    concurrent-ruby (1.1.10)
    method_source (1.0.0)
    pry (0.14.1)
      coderay (~> 1.1)
      method_source (~> 1.0)
    pry-nav (1.0.0)
      pry (>= 0.9.10, < 0.15)

PLATFORMS
  ruby

DEPENDENCIES
  pry
  pry-nav
  sentry-ruby!

RUBY VERSION
   ruby 2.7.2p137

BUNDLED WITH
   2.1.4
